GEM
  remote: https://rubygems.org/
  specs:
    gdata (1.1.2)
    json (1.8.0)

PLATFORMS
  ruby

DEPENDENCIES
  gdata
  json
