GEM
  remote: https://rubygems.org/
  specs:
    gdata (1.1.2)
    json (1.8.0)
    rake (0.9.2.2)

PLATFORMS
  ruby

DEPENDENCIES
  gdata
  json
  rake
